GEM
  remote: http://rubygems.org/
  specs:
    rack (1.3.2)
    serve-this (0.1.0)
      rack (>= 1.2.0)

PLATFORMS
  ruby

DEPENDENCIES
  serve-this
